GEM
  remote: https://rubygems.org/
  specs:
    activesupport (5.0.0.1)
      concurrent-ruby (~> 1.0, >= 1.0.2)
      i18n (~> 0.7)
      minitest (~> 5.1)
      tzinfo (~> 1.1)
    addressable (2.5.2)
      public_suffix (>= 2.0.2, < 4.0)
    algoliasearch (1.15.1)
      httpclient (~> 2.8.3)
      json (>= 1.5.1)
    coderay (1.1.1)
    concurrent-ruby (1.0.2)
    damerau-levenshtein (1.2.0)
    httpclient (2.8.3)
    i18n (0.7.0)
    json (2.1.0)
    method_source (0.8.2)
    minitest (5.9.1)
    parallel (1.12.0)
    pry (0.10.4)
      coderay (~> 1.1.0)
      method_source (~> 0.8.1)
      slop (~> 3.4)
    public_suffix (3.0.2)
    slop (3.6.0)
    thread_safe (0.3.5)
    tzinfo (1.2.2)
      thread_safe (~> 0.1)

PLATFORMS
  ruby

DEPENDENCIES
  activesupport
  addressable (~> 2.5)
  algoliasearch (~> 1.15)
  damerau-levenshtein (~> 1.1)
  httpclient (~> 2.8.3)
  parallel (~> 1.12.0)
  pry

BUNDLED WITH
   1.16.0
